{
    "Modality": "MR", 
    "MagneticFieldStrength": 3, 
    "Manufacturer": "Philips", 
    "ManufacturersModelName": "Ingenia_Elition_X", 
    "InstitutionName": "UBC_MRI_Research_Centre", 
    "InstitutionalDepartmentName": "CBH_MR", 
    "InstitutionAddress": "2215_Wesbrook_Mall", 
    "DeviceSerialNumber": "45052", 
    "StationName": "PHILIPS-1KQ0JBG", 
    "BodyPartExamined": "BRAIN", 
    "PatientPosition": "HFS", 
    "SoftwareVersions": "5.5.2_5.5.2.0", 
    "MRAcquisitionType": "2D", 
    "SeriesDescription": "sSUM", 
    "ProtocolName": "sSUM", 
    "ScanningSequence": "GR", 
    "SequenceVariant": "SS", 
    "ScanOptions": "SP", 
    "ImageType": [
        "ORIGINAL", 
        "PRIMARY", 
        "M", 
        "FFE", 
        "M", 
        "FFE"
    ], 
    "SeriesNumber": 1702, 
    "AcquisitionTime": "14:59:43.480000", 
    "AcquisitionNumber": 17, 
    "PhilipsRWVSlope": 1, 
    "PhilipsRWVIntercept": 0, 
    "PhilipsRescaleSlope": 1, 
    "PhilipsRescaleIntercept": 0, 
    "PhilipsScaleSlope": 0.148682, 
    "UsePhilipsFloatNotDisplayScaling": 1, 
    "SliceThickness": 5, 
    "SpacingBetweenSlices": 5, 
    "SAR": 1.70476, 
    "EchoTime": 0.002184, 
    "RepetitionTime": 0.625, 
    "FlipAngle": 30, 
    "PercentPhaseFOV": 100, 
    "EchoTrainLength": 3, 
    "PhaseEncodingSteps": 320, 
    "AcquisitionMatrixPE": 320, 
    "ReconMatrixPE": 320, 
    "PixelBandwidth": 241, 
    "PhaseEncodingAxis": "j", 
    "ImageOrientationPatientDICOM": [
        0.999948, 
        -0.00140982, 
        0.0100565, 
        0.000730074, 
        0.997734, 
        0.0672788
    ], 
    "InPlanePhaseEncodingDirectionDICOM": "COL", 
    "ConversionSoftware": "dcm2niix", 
    "ConversionSoftwareVersion": "v1.0.20180622 (JP2:OpenJPEG) GCC6.1.0", 
    "Dcm2bidsVersion": "2.1.4"
}