{
	"Modality": "MR",
	"MagneticFieldStrength": 3,
	"Manufacturer": "Siemens",
	"ManufacturersModelName": "Prisma",
	"InstitutionName": "National_Brain_Mappin_Lab.",
	"InstitutionalDepartmentName": "Department",
	"InstitutionAddress": "Street_StreetNo_City_District_IR_ZIP",
	"DeviceSerialNumber": "66088",
	"StationName": "AWP66088",
	"BodyPartExamined": "HEAD",
	"PatientPosition": "HFS",
	"ProcedureStepDescription": "NBML_Project_P-97162_KHATIBI",
	"SoftwareVersions": "syngo_MR_E11",
	"MRAcquisitionType": "3D",
	"SeriesDescription": "GRE-MT1",
	"ProtocolName": "GRE-MT1",
	"ScanningSequence": "GR",
	"SequenceVariant": "MTC_SP",
	"ScanOptions": "MT",
	"SequenceName": "_fl3d1",
	"ImageType": ["ORIGINAL", "PRIMARY", "M", "DIS2D"],
	"SeriesNumber": 7,
	"AcquisitionTime": "19:56:20.925000",
	"AcquisitionNumber": 1,
	"SliceThickness": 5,
	"SAR": 0.332608,
	"EchoTime": 0.00313,
	"RepetitionTime": 0.035,
	"FlipAngle": 9,
	"PartialFourier": 1,
	"BaseResolution": 256,
	"ShimSetting": [
		2689,
		-4429,
		-3586,
		-3509,
		747,
		3227,
		-1977,
		-472	],
	"TxRefAmp": 246.039,
	"PhaseResolution": 1,
	"ReceiveCoilName": "HeadNeck_64",
	"ReceiveCoilActiveElements": "HC5-7;NC1,2",
	"PulseSequenceDetails": "%SiemensSeq%_gre",
	"ConsistencyInfo": "N4_VE11B_LATEST_20150530",
	"PercentPhaseFOV": 100,
	"PhaseEncodingSteps": 255,
	"AcquisitionMatrixPE": 256,
	"ReconMatrixPE": 256,
	"ParallelReductionFactorInPlane": 2,
	"PixelBandwidth": 260,
	"DwellTime": 7.5e-06,
	"ImageOrientationPatientDICOM": [
		0.997697,
		0.00751316,
		-0.0674045,
		-3.45051e-08,
		0.993845,
		0.110777	],
	"InPlanePhaseEncodingDirectionDICOM": "COL",
	"ConversionSoftware": "dcm2niix",
	"ConversionSoftwareVersion": "v1.0.20180622 GCC5.3.1"
}
